GEM
  remote: https://artifactory.umn.edu/artifactory/api/gems/asr-rubygems/
  specs:
    activesupport (4.2.5)
      i18n (~> 0.7)
      json (~> 1.7, >= 1.7.7)
      minitest (~> 5.1)
      thread_safe (~> 0.3, >= 0.3.4)
      tzinfo (~> 1.1)
    capistrano (3.3.5)
      capistrano-stats (~> 1.1.0)
      i18n
      rake (>= 10.0.0)
      sshkit (~> 1.3)
    capistrano-bundler (1.1.4)
      capistrano (~> 3.1)
      sshkit (~> 1.2)
    capistrano-stats (1.1.1)
    daemon-kit (0.3.2)
      eventmachine (>= 0.12.10)
      thor
    diff-lcs (1.2.5)
    eventmachine (1.2.5)
    i18n (0.7.0)
    json (1.8.3)
    lastpassify (0.4.0)
      thor
    mail (2.6.3)
      mime-types (>= 1.16, < 3)
    mime-types (2.5)
    mini_portile2 (2.4.0)
    minitest (5.8.4)
    net-scp (1.2.1)
      net-ssh (>= 2.6.5)
    net-ssh (3.0.2)
    nokogiri (1.10.1)
      mini_portile2 (~> 2.4.0)
    rake (10.5.0)
    rspec (3.4.0)
      rspec-core (~> 3.4.0)
      rspec-expectations (~> 3.4.0)
      rspec-mocks (~> 3.4.0)
    rspec-core (3.4.1)
      rspec-support (~> 3.4.0)
    rspec-expectations (3.4.0)
      diff-lcs (>= 1.2.0, < 2.0)
      rspec-support (~> 3.4.0)
    rspec-mocks (3.4.1)
      diff-lcs (>= 1.2.0, < 2.0)
      rspec-support (~> 3.4.0)
    rspec-support (3.4.1)
    rufus-scheduler (2.0.24)
      tzinfo (>= 0.3.22)
    safely (0.3.2)
    sshkit (1.8.1)
      net-scp (>= 1.1.2)
      net-ssh (>= 2.8.0)
    thor (0.19.1)
    thread_safe (0.3.5)
    tzinfo (1.2.2)
      thread_safe (~> 0.1)

PLATFORMS
  ruby

DEPENDENCIES
  activesupport (~> 4.2.0)!
  capistrano (= 3.3.5)!
  capistrano-bundler (~> 1.1)!
  daemon-kit!
  lastpassify!
  mail!
  nokogiri (~> 1.10.1)!
  rake!
  rspec (~> 3.2)!
  rufus-scheduler (~> 2.0)!
  safely!

BUNDLED WITH
   2.0.1
